GIT
  remote: https://github.com/mbj/mutant
  revision: d151dd5fdee91695fc0fde7591d498e6e27c7355
  branch: upgrade/unparser
  specs:
    mutant (0.10.25)
      ast (~> 2.2)
      diff-lcs (~> 1.3)
      parser (~> 3.0.0)
      regexp_parser (~> 2.0, >= 2.0.3)
      unparser (~> 0.6.0)
    mutant-rspec (0.10.25)
      mutant (= 0.10.25)
      rspec-core (>= 3.8.0, < 4.0.0)

PATH
  remote: .
  specs:
    unparser (0.6.0)
      diff-lcs (~> 1.3)
      parser (>= 3.0.0)

GEM
  remote: https://rubygems.org/
  remote: https://oss:Px2ENN7S91OmWaD5G7MIQJi1dmtmYrEh@gem.mutant.dev/
  specs:
    ast (2.4.1)
    diff-lcs (1.4.4)
    mutant-license (0.1.1.2.2355046999240944981729280251890364410689.4)
    parallel (1.20.1)
    parser (3.0.0.0)
      ast (~> 2.4.1)
    rainbow (3.0.0)
    regexp_parser (2.0.3)
    rexml (3.2.4)
    rspec (3.10.0)
      rspec-core (~> 3.10.0)
      rspec-expectations (~> 3.10.0)
      rspec-mocks (~> 3.10.0)
    rspec-core (3.10.1)
      rspec-support (~> 3.10.0)
    rspec-expectations (3.10.1)
      diff-lcs (>= 1.2.0, < 2.0)
      rspec-support (~> 3.10.0)
    rspec-its (1.3.0)
      rspec-core (>= 3.0.0)
      rspec-expectations (>= 3.0.0)
    rspec-mocks (3.10.1)
      diff-lcs (>= 1.2.0, < 2.0)
      rspec-support (~> 3.10.0)
    rspec-support (3.10.1)
    rubocop (1.8.1)
      parallel (~> 1.10)
      parser (>= 3.0.0.0)
      rainbow (>= 2.2.2, < 4.0)
      regexp_parser (>= 1.8, < 3.0)
      rexml
      rubocop-ast (>= 1.2.0, < 2.0)
      ruby-progressbar (~> 1.7)
      unicode-display_width (>= 1.4.0, < 3.0)
    rubocop-ast (1.4.0)
      parser (>= 2.7.1.5)
    rubocop-packaging (0.5.1)
      rubocop (>= 0.89, < 2.0)
    ruby-progressbar (1.11.0)
    unicode-display_width (2.0.0)

PLATFORMS
  ruby

DEPENDENCIES
  mutant!
  mutant-license!
  mutant-rspec (~> 0.10.25)
  rspec (~> 3.9)
  rspec-core (~> 3.9)
  rspec-its (~> 1.3.0)
  rubocop (~> 1.7)
  rubocop-packaging (~> 0.5)
  unparser!

BUNDLED WITH
   2.2.5
